GEM
  remote: https://rubygems.org/
  specs:
    diff-lcs (1.4.4)
    httparty (0.18.1)
      mime-types (~> 3.0)
      multi_xml (>= 0.5.2)
    mime-types (3.3.1)
      mime-types-data (~> 3.2015)
    mime-types-data (3.2020.1104)
    mini_portile2 (2.4.0)
    multi_xml (0.6.0)
    nokogiri (1.10.10)
      mini_portile2 (~> 2.4.0)
    paint (2.2.1)
    rainbow (3.0.0)
    rspec (3.10.0)
      rspec-core (~> 3.10.0)
      rspec-expectations (~> 3.10.0)
      rspec-mocks (~> 3.10.0)
    rspec-core (3.10.1)
      rspec-support (~> 3.10.0)
    rspec-expectations (3.10.1)
      diff-lcs (>= 1.2.0, < 2.0)
      rspec-support (~> 3.10.0)
    rspec-mocks (3.10.1)
      diff-lcs (>= 1.2.0, < 2.0)
      rspec-support (~> 3.10.0)
    rspec-support (3.10.1)
    unicode-display_width (1.7.0)
    whirly (0.2.6)
      unicode-display_width (~> 1.1)

PLATFORMS
  x86_64-linux

DEPENDENCIES
  httparty
  nokogiri
  paint
  rainbow
  rspec
  whirly

BUNDLED WITH
   2.2.2
